PATH
  remote: .
  specs:
    thrift (0.9.0.6.wp)

GEM
  remote: http://rubygems.org/
  remote: http://rubygems.util.pages/
  specs:
    builder (3.2.2)
    daemons (1.1.9)
    diff-lcs (1.1.3)
    eventmachine (1.0.3)
    geminabox (0.8.3.wp)
      builder
      httpclient
      sinatra
    gemtools (1.2.0)
      geminabox
      httpclient (!= 2.3.0)
    httpclient (2.3.4.1)
    rack (1.5.2)
    rack-protection (1.5.1)
      rack
    rack-test (0.6.2)
      rack (>= 1.0)
    rake (10.1.0)
    rspec (2.10.0)
      rspec-core (~> 2.10.0)
      rspec-expectations (~> 2.10.0)
      rspec-mocks (~> 2.10.0)
    rspec-core (2.10.1)
    rspec-expectations (2.10.0)
      diff-lcs (~> 1.1.3)
    rspec-mocks (2.10.1)
    sinatra (1.4.4)
      rack (~> 1.4)
      rack-protection (~> 1.4)
      tilt (~> 1.3, >= 1.3.4)
    thin (1.5.1)
      daemons (>= 1.0.9)
      eventmachine (>= 0.12.6)
      rack (>= 1.0.0)
    tilt (1.4.1)

PLATFORMS
  ruby

DEPENDENCIES
  bundler (~> 1.3)
  gemtools
  rack (~> 1.5.2)
  rack-test (~> 0.6.2)
  rake
  rspec (~> 2.10.0)
  thin (~> 1.5.0)
  thrift!
